PATH
  remote: .
  specs:
    turfjs (0.0.1)
      activesupport
      execjs (~> 2.2, >= 2.2.1)

GEM
  remote: https://rubygems.org/
  specs:
    activesupport (6.0.2.1)
      concurrent-ruby (~> 1.0, >= 1.0.2)
      i18n (>= 0.7, < 2)
      minitest (~> 5.1)
      tzinfo (~> 1.1)
      zeitwerk (~> 2.2)
    bump (0.9.0)
    coderay (1.1.2)
    concurrent-ruby (1.1.6)
    execjs (2.7.0)
    i18n (1.8.2)
      concurrent-ruby (~> 1.0)
    method_source (0.9.2)
    minitest (5.14.0)
    pry (0.12.2)
      coderay (~> 1.1.0)
      method_source (~> 0.9.0)
    rake (12.3.3)
    thread_safe (0.3.6)
    tzinfo (1.2.6)
      thread_safe (~> 0.1)
    zeitwerk (2.3.0)

PLATFORMS
  ruby

DEPENDENCIES
  bump
  minitest
  pry
  rake
  turfjs!

BUNDLED WITH
   2.0.2
